GEM
  remote: https://rubygems.org/
  specs:
    agent_client (1.3262.24.0)
      httpclient (= 2.7.1)
      yajl-ruby (~> 1.2.0)
    aws-sdk (1.60.2)
      aws-sdk-v1 (= 1.60.2)
    aws-sdk-core (2.2.0)
      jmespath (~> 1.0)
    aws-sdk-resources (2.2.0)
      aws-sdk-core (= 2.2.0)
    aws-sdk-v1 (1.60.2)
      json (~> 1.4)
      nokogiri (>= 1.4.4)
    blobstore_client (1.3262.24.0)
      aws-sdk-resources (= 2.2.0)
      bosh_common (~> 1.3262.24.0)
      httpclient (= 2.7.1)
      multi_json (~> 1.1)
    bosh-core (1.3262.24.0)
      gibberish (~> 1.4.0)
      yajl-ruby (~> 1.2.0)
    bosh-director-core (1.3262.24.0)
      bosh-template (~> 1.3262.24.0)
      bosh_common (~> 1.3262.24.0)
    bosh-registry (1.3262.24.0)
      aws-sdk
      bosh_cpi (~> 1.3262.24.0)
      fog-openstack
      sequel (~> 4.32.0)
      sinatra (~> 1.4.2)
      thin (~> 1.5.0)
      yajl-ruby (~> 1.2.0)
    bosh-stemcell (1.3262.24.0)
      bosh-core (~> 1.3262.24.0)
      bosh_aws_cpi (= 2.1.1)
    bosh-template (1.3262.24.0)
      semi_semantic (~> 1.2.0)
    bosh_aws_cpi (2.1.1)
      aws-sdk (= 1.60.2)
      bosh-registry
      bosh_common
      bosh_cpi
      httpclient (= 2.7.1)
      yajl-ruby (>= 0.8.2)
    bosh_cli (1.3262.24.0)
      blobstore_client (~> 1.3262.24.0)
      bosh-template (~> 1.3262.24.0)
      bosh_common (~> 1.3262.24.0)
      cf-uaa-lib (~> 3.2.1)
      highline (~> 1.6.2)
      httpclient (= 2.7.1)
      json_pure (~> 1.7)
      minitar (~> 0.5.4)
      net-scp (~> 1.1.0)
      net-ssh (= 2.9.2)
      net-ssh-gateway (~> 1.2.0)
      netaddr (~> 1.5.0)
      progressbar (~> 0.9.0)
      sshkey (~> 1.7.0)
      terminal-table (~> 1.4.3)
    bosh_cli_plugin_aws (1.3262.24.0)
      bosh-core (~> 1.3262.24.0)
      bosh-stemcell (~> 1.3262.24.0)
      bosh_aws_cpi (= 2.1.1)
      bosh_cli (~> 1.3262.24.0)
      bosh_cli_plugin_micro (~> 1.3262.24.0)
    bosh_cli_plugin_micro (1.3262.24.0)
      agent_client (~> 1.3262.24.0)
      blobstore_client (~> 1.3262.24.0)
      bosh-core (~> 1.3262.24.0)
      bosh-director-core (~> 1.3262.24.0)
      bosh-registry (~> 1.3262.24.0)
      bosh-stemcell (~> 1.3262.24.0)
      bosh_aws_cpi (= 2.1.1)
      bosh_cli (~> 1.3262.24.0)
      bosh_common (~> 1.3262.24.0)
      bosh_cpi (~> 1.3262.24.0)
      bosh_openstack_cpi (= 2.1.3)
      bosh_vcloud_cpi (= 0.12.1)
      bosh_vsphere_cpi (= 2.1.1)
      fog-google (= 0.1.0)
      mono_logger (~> 1.1.0)
      sqlite3 (~> 1.3.7)
    bosh_common (1.3262.24.0)
      logging (~> 1.8.2)
      semi_semantic (~> 1.2.0)
    bosh_cpi (1.3262.24.0)
      bosh_common (~> 1.3262.24.0)
      logging (~> 1.8.2)
      membrane (~> 1.1.0)
    bosh_openstack_cpi (2.1.3)
      bosh-registry
      bosh_common
      bosh_cpi
      excon (= 0.49)
      fog-openstack (= 0.1.7)
      httpclient (= 2.7.1)
      membrane (~> 1.1.0)
      yajl-ruby (>= 0.8.2)
    bosh_vcloud_cpi (0.12.1)
      bosh_common
      bosh_cpi
      builder (~> 3.1.4)
      httpclient (= 2.7.1)
      membrane
      nokogiri (~> 1.6.6)
      rest-client (~> 1.6.7)
      yajl-ruby (>= 0.8.2)
    bosh_vsphere_cpi (2.1.1)
      bosh_common
      bosh_cpi
      builder (~> 3.1.4)
      httpclient (= 2.7.1)
      membrane (~> 1.1.0)
      mono_logger (~> 1.1.0)
      nokogiri (~> 1.6.6)
    builder (3.1.4)
    cf-uaa-lib (3.2.5)
      multi_json
    daemons (1.2.4)
    eventmachine (1.2.3)
    excon (0.49.0)
    fog-core (1.43.0)
      builder
      excon (~> 0.49)
      formatador (~> 0.2)
    fog-google (0.1.0)
      fog-core
      fog-json
      fog-xml
    fog-json (1.0.2)
      fog-core (~> 1.0)
      multi_json (~> 1.10)
    fog-openstack (0.1.7)
      fog-core (>= 1.40)
      fog-json (>= 1.0)
      ipaddress (>= 0.8)
    fog-xml (0.1.2)
      fog-core
      nokogiri (~> 1.5, >= 1.5.11)
    formatador (0.2.5)
    gibberish (1.4.0)
    highline (1.6.21)
    httpclient (2.7.1)
    ipaddress (0.8.3)
    jmespath (1.3.1)
    json (1.8.6)
    json_pure (1.8.6)
    little-plugger (1.1.4)
    logging (1.8.2)
      little-plugger (>= 1.1.3)
      multi_json (>= 1.8.4)
    membrane (1.1.0)
    mime-types (1.25.1)
    mini_portile2 (2.1.0)
    minitar (0.5.4)
    mono_logger (1.1.0)
    multi_json (1.12.1)
    net-scp (1.1.2)
      net-ssh (>= 2.6.5)
    net-ssh (2.9.2)
    net-ssh-gateway (1.2.0)
      net-ssh (>= 2.6.5)
    netaddr (1.5.1)
    nokogiri (1.6.8.1)
      mini_portile2 (~> 2.1.0)
    progressbar (0.9.2)
    rack (1.6.5)
    rack-protection (1.5.3)
      rack
    rest-client (1.6.9)
      mime-types (~> 1.16)
    semi_semantic (1.2.0)
    sequel (4.32.0)
    sinatra (1.4.8)
      rack (~> 1.5)
      rack-protection (~> 1.4)
      tilt (>= 1.3, < 3)
    sqlite3 (1.3.13)
    sshkey (1.7.0)
    terminal-table (1.4.5)
    thin (1.5.1)
      daemons (>= 1.0.9)
      eventmachine (>= 0.12.6)
      rack (>= 1.0.0)
    tilt (2.0.6)
    yajl-ruby (1.2.1)

PLATFORMS
  ruby

DEPENDENCIES
  bosh_cli_plugin_aws

RUBY VERSION
   ruby 2.2.2p95

BUNDLED WITH
   1.14.6
